GEM
  remote: https://rubygems.org/
  specs:
    logger (1.7.0)
    nio4r (2.7.4)
    puma (6.6.0)
      nio4r (~> 2.0)
    rack (3.1.16)
    rack-cors (3.0.0)
      logger
      rack (>= 3.0.14)
    roda (3.93.0)
      rack

PLATFORMS
  ruby
  x86_64-linux

DEPENDENCIES
  puma
  rack-cors
  roda

BUNDLED WITH
   2.6.9
